GEM
  remote: https://rubygems.org/
  specs:
    sinatra
    redis
    rack (1.6.4)

PLATFORMS
  ruby

DEPENDENCIES
  sinatra
  redis
  rack

BUNDLED WITH
   1.11.2
